PATH
  remote: .
  specs:
    minimal-devices (0.5.8.2)

GEM
  remote: https://rubygems.org/
  specs:
    chunky_png (1.2.8)
    compass (0.13.alpha.4)
      chunky_png (~> 1.2)
      listen (<= 0.9.9)
      sass (~> 3.2.5)
    listen (0.7.3)
    rake (13.0.3)
    sass (3.2.9)

PLATFORMS
  ruby

DEPENDENCIES
  bundler (~> 1.3)
  compass (~> 0.13.alpha.4)
  minimal-devices!
  rake
  sass (~> 3.2.9)
